PATH
  remote: .
  specs:
    ovto (0.2.1)
      opal (~> 0.11)

GEM
  remote: https://rubygems.org/
  specs:
    ast (2.4.0)
    concurrent-ruby (1.1.3)
    hike (1.2.3)
    opal (0.11.3)
      ast (>= 2.3.0)
      hike (~> 1.2)
      parser (= 2.3.3.1)
      sourcemap (~> 0.1.0)
    opal-rspec (0.6.1)
      opal (>= 0.10.0, < 0.12)
    opal-sprockets (0.4.2.0.11.0.3.1)
      opal (~> 0.11.0)
      sprockets (~> 3.1)
      tilt (>= 1.4)
    parser (2.3.3.1)
      ast (~> 2.2)
    rack (2.0.6)
    rake (12.3.1)
    sourcemap (0.1.1)
    sprockets (3.7.2)
      concurrent-ruby (~> 1.0)
      rack (> 1, < 3)
    tilt (2.0.8)
    yard (0.9.16)

PLATFORMS
  ruby

DEPENDENCIES
  opal
  opal-rspec
  opal-sprockets
  ovto!
  rake
  yard

BUNDLED WITH
   1.17.1
