PATH
  remote: ../..
  specs:
    ovto (0.2.3)
      opal (~> 0.11)

GEM
  remote: https://rubygems.org/
  specs:
    ast (2.4.0)
    hike (1.2.3)
    opal (0.11.4)
      ast (>= 2.3.0)
      hike (~> 1.2)
      parser (= 2.3.3.1)
      sourcemap (~> 0.1.0)
    parser (2.3.3.1)
      ast (~> 2.2)
    rake (12.3.1)
    sourcemap (0.1.1)

PLATFORMS
  ruby

DEPENDENCIES
  ovto!
  rake

BUNDLED WITH
   1.17.1
